GEM
  remote: https://rubygems.org/
  specs:
    addressable (2.3.3)
    alox (0.0.8)
    alox-gandalf (0.0.11)
    alox-jason (0.0.31)
    awesome_print (1.1.0)
    chef (11.4.4)
      erubis
      highline (>= 1.6.9)
      json (>= 1.4.4, <= 1.7.7)
      mixlib-authentication (>= 1.3.0)
      mixlib-cli (~> 1.3.0)
      mixlib-config (>= 1.1.2)
      mixlib-log (>= 1.3.0)
      mixlib-shellout
      net-ssh (~> 2.6)
      net-ssh-multi (~> 1.1.0)
      ohai (>= 0.6.0)
      rest-client (>= 1.0.4, < 1.7.0)
      yajl-ruby (~> 1.1)
    colored (1.2)
    cookiejar (0.3.0)
    cri (2.3.0)
      colored (>= 1.2)
    daemons (1.1.9)
    dotenv (0.7.0)
    em-http-request (1.0.3)
      addressable (>= 2.2.3)
      cookiejar
      em-socksify
      eventmachine (>= 1.0.0.beta.4)
      http_parser.rb (>= 0.5.3)
    em-socksify (0.2.1)
      eventmachine (>= 1.0.0.beta.4)
    em-twitter (0.2.1)
      eventmachine (~> 1.0)
      http_parser.rb (~> 0.5)
      simple_oauth (~> 0.1)
    erubis (2.7.0)
    eventmachine (1.0.3)
    faraday (0.8.6)
      multipart-post (~> 1.1)
    fastercsv (1.5.5)
    foreman (0.63.0)
      dotenv (>= 0.7)
      thor (>= 0.13.6)
    geokit (1.6.5)
      multi_json
    ghp (0.0.8)
      ghp-bootstrap
      nanoc (~> 3.4.3)
      redcarpet
    ghp-bootstrap (0.0.4)
    highline (1.6.18)
    htmlentities (4.3.1)
    http_parser.rb (0.5.3)
    interactive_editor (0.0.10)
      spoon (>= 0.0.1)
    ipaddress (0.8.0)
    json (1.7.7)
    launchy (2.2.0)
      addressable (~> 2.3)
    mime-types (1.23)
    mixlib-authentication (1.3.0)
      mixlib-log
    mixlib-cli (1.3.0)
    mixlib-config (1.1.2)
    mixlib-log (1.6.0)
    mixlib-shellout (1.1.0)
    multi_json (1.6.1)
    multipart-post (1.2.0)
    nanoc (3.4.3)
      cri (~> 2.2)
    net-ssh (2.6.8)
    net-ssh-gateway (1.2.0)
      net-ssh (>= 2.6.5)
    net-ssh-multi (1.1)
      net-ssh (>= 2.1.4)
      net-ssh-gateway (>= 0.99.0)
    oauth (0.4.7)
    ohai (6.16.0)
      ipaddress
      mixlib-cli
      mixlib-config
      mixlib-log
      mixlib-shellout
      systemu
      yajl-ruby
    oj (2.0.9)
    plist (3.1.0)
    redcarpet (2.2.2)
    rest-client (1.6.7)
      mime-types (>= 1.16)
    retryable (1.3.2)
    simple_oauth (0.2.0)
    spoon (0.0.1)
    systemu (2.5.2)
    t (1.7.1)
      fastercsv (~> 1.5)
      geokit (~> 1.6)
      htmlentities (~> 4.3)
      launchy (~> 2.0)
      oauth (~> 0.4)
      oj (~> 2.0)
      retryable (~> 1.2)
      thor (>= 0.16, < 2)
      tweetstream (~> 2.3)
      twitter (~> 4.4)
    terminal-notifier (1.4.2)
    thor (0.17.0)
    tvd-runit (0.0.23)
      tvd-tvdinner
    tvd-tvdinner (0.0.27)
      chef
    tweetstream (2.4.0)
      daemons (~> 1.1)
      em-http-request (~> 1.0.2)
      em-twitter (~> 0.2)
      twitter (~> 4.0)
      yajl-ruby (~> 1.1)
    twitter (4.6.0)
      faraday (~> 0.8, < 0.10)
      multi_json (~> 1.0)
      simple_oauth (~> 0.2)
    wirble (0.1.3)
    yajl-ruby (1.1.0)

PLATFORMS
  ruby

DEPENDENCIES
  alox
  alox-gandalf
  alox-jason
  awesome_print
  foreman
  ghp
  interactive_editor
  plist
  t
  terminal-notifier
  tvd-runit
  wirble
